PATH
  remote: .
  specs:
    ngin_http (0.0.1)
      typhoeus

GEM
  remote: https://rubygems.org/
  specs:
    diff-lcs (1.1.3)
    json_pure (1.7.0)
    mime-types (1.18)
    rspec (2.9.0)
      rspec-core (~> 2.9.0)
      rspec-expectations (~> 2.9.0)
      rspec-mocks (~> 2.9.0)
    rspec-core (2.9.0)
    rspec-expectations (2.9.1)
      diff-lcs (~> 1.1.3)
    rspec-mocks (2.9.0)
    typhoeus (0.3.3)
      mime-types

PLATFORMS
  ruby

DEPENDENCIES
  json_pure (>= 1.4.1)
  ngin_http!
  rspec
